GIT
  remote: https://github.com/puppetlabs/showoff.git
  revision: 58879a76b250931ba80183e59067a46d247cc051
  specs:
    showoff (0.9.5)
      gli (>= 1.3.2)
      htmlentities
      json
      nokogiri
      parslet
      redcarpet
      sinatra (~> 1.3)

GEM
  remote: https://rubygems.org/
  specs:
    blankslate (2.1.2.4)
    bluecloth (2.2.0)
    gli (2.8.1)
    htmlentities (4.3.1)
    json (1.8.1)
    mini_portile (0.5.1)
    nokogiri (1.6.0)
      mini_portile (~> 0.5.0)
    parslet (1.5.0)
      blankslate (~> 2.0)
    pdfkit (0.5.4)
    rack (1.5.2)
    rack-protection (1.5.1)
      rack
    redcarpet (3.0.0)
    sinatra (1.4.4)
      rack (~> 1.4)
      rack-protection (~> 1.4)
      tilt (~> 1.3, >= 1.3.4)
    tilt (1.4.1)

PLATFORMS
  ruby

DEPENDENCIES
  bluecloth
  gli
  nokogiri
  pdfkit
  showoff!
